PATH
  remote: .
  specs:
    windows_csv (0.0.8)

GEM
  remote: http://rubygems.org/
  specs:
    diff-lcs (1.5.0)
    json (1.8.6)
    rdoc (3.12.2)
      json (~> 1.4)
    rspec (3.12.0)
      rspec-core (~> 3.12.0)
      rspec-expectations (~> 3.12.0)
      rspec-mocks (~> 3.12.0)
    rspec-core (3.12.0)
      rspec-support (~> 3.12.0)
    rspec-expectations (3.12.0)
      diff-lcs (>= 1.2.0, < 2.0)
      rspec-support (~> 3.12.0)
    rspec-mocks (3.12.0)
      diff-lcs (>= 1.2.0, < 2.0)
      rspec-support (~> 3.12.0)
    rspec-support (3.12.0)

PLATFORMS
  ruby

DEPENDENCIES
  bundler (>= 1.0.0)
  rdoc (~> 3.12)
  rspec (~> 3.12.0)
  windows_csv!

BUNDLED WITH
   2.3.15
